GEM
  remote: http://rubygems.org/
  specs:
    activemodel (3.0.7)
      activesupport (= 3.0.7)
      builder (~> 2.1.2)
      i18n (~> 0.5.0)
    activesupport (3.0.7)
    builder (2.1.2)
    cassandra-cql (1.0.4)
      simple_uuid (>= 0.2.0)
      thrift_client (>= 0.7.1)
    i18n (0.5.0)
    minitest (2.12.0)
    simple_uuid (0.2.0)
    thrift (0.8.0)
    thrift_client (0.8.1)
      thrift (~> 0.8.0)

PLATFORMS
  ruby

DEPENDENCIES
  activemodel
  activesupport
  cassandra-cql
  minitest
  simple_uuid
