GEM
  remote: http://rubygems.org/
  specs:
    activesupport (3.0.7)
    cassandra-cql (1.0.4)
      simple_uuid (>= 0.2.0)
      thrift_client (>= 0.7.1)
    minitest (2.12.0)
    simple_uuid (0.2.0)
    thrift (0.8.0)
    thrift_client (0.8.1)
      thrift (~> 0.8.0)

PLATFORMS
  ruby

DEPENDENCIES
  activesupport
  cassandra-cql
  minitest
  simple_uuid
